GEM
  remote: https://rubygems.org/
  specs:
    ethon (0.12.0)
      ffi (>= 1.3.0)
    ffi (1.10.0)
    json (2.2.0)
    pulpcore_client (3.0.0rc2.dev.0)
      json (~> 2.1, >= 2.1.0)
      typhoeus (~> 1.0, >= 1.0.1)
    typhoeus (1.3.1)
      ethon (>= 0.9.0)
    yard (0.9.19)

PLATFORMS
  ruby

DEPENDENCIES
  pulpcore_client
  yard

BUNDLED WITH
   2.0.1
